GEM
  remote: https://rubygems.org/
  specs:
    mini_portile2 (2.4.0)
    nokogiri (1.10.10)
      mini_portile2 (~> 2.4.0)
    rinku (2.0.6)

PLATFORMS
  ruby

DEPENDENCIES
  nokogiri
  rinku

BUNDLED WITH
   1.17.2
